GEM
  remote: http://rubygems.org/
  specs:
    builder (3.0.0)
    git (1.2.5)
    haml (2.2.24)
    hanna (0.1.12)
      haml (~> 2.2.8)
      rake (~> 0.8.2)
      rdoc (~> 2.3.0)
    hoe (2.9.1)
      rake (>= 0.8.7)
    jeweler (1.5.2)
      bundler (~> 1.0.0)
      git (>= 1.2.5)
      rake
    rack (1.2.1)
    rack-test (0.5.7)
      rack (>= 1.0)
    rake (0.8.7)
    rdoc (2.3.0)
    rspec (1.3.1)
    sinatra (1.1.3)
      rack (~> 1.1)
      tilt (>= 1.2.2, < 2.0)
    test-unit (1.2.3)
      hoe (>= 1.5.1)
    tilt (1.2.2)

PLATFORMS
  ruby

DEPENDENCIES
  builder
  hanna
  jeweler
  rack-test
  rspec (~> 1.2)
  sinatra
  test-unit (= 1.2.3)
  tilt
